GEM
  remote: https://rubygems.org/
  specs:
    allison (2.0.3)
    builder (3.2.2)
    colored (1.2)
    commonjs (0.2.7)
    cri (2.6.1)
      colored (~> 1.2)
    echoe (4.6.6)
      allison (>= 2.0.3)
      rake (>= 0.9.2)
      rdoc (>= 2.5.11)
      rubyforge (>= 2.0.4)
    json (1.8.1)
    json_pure (1.8.1)
    kramdown (1.4.2)
    less (2.6.0)
      commonjs (~> 0.2.7)
    libv8 (3.16.14.7)
    nanoc (3.7.3)
      cri (~> 2.3)
    nanoc-cachebuster (0.3.1)
      nanoc (>= 3.3.0)
    rainpress (1.0)
      echoe
    rake (10.3.2)
    rdoc (4.1.2)
      json (~> 1.4)
    ref (1.0.5)
    rubyforge (2.0.4)
      json_pure (>= 1.1.7)
    therubyracer (0.12.1)
      libv8 (~> 3.16.14.0)
      ref

PLATFORMS
  ruby

DEPENDENCIES
  builder
  kramdown
  less
  nanoc
  nanoc-cachebuster
  rainpress
  therubyracer
